GEM
  remote: https://rubygems.org/
  specs:
    bundler-unload (1.0.2)
    capybara (2.5.0)
      mime-types (>= 1.16)
      nokogiri (>= 1.3.3)
      rack (>= 1.0.0)
      rack-test (>= 0.5.4)
      xpath (~> 2.0)
    coderay (1.1.2)
    daemons (1.3.1)
    date (3.0.1)
    did_you_mean (1.4.0)
    diff-lcs (1.3)
    etc (1.1.0)
    eventmachine (1.2.7)
    executable-hooks (1.6.0)
    fileutils (1.4.1)
    forwardable (1.3.1)
    ipaddr (1.2.2)
    method_source (0.8.2)
    mime-types (3.3)
      mime-types-data (~> 3.2015)
    mime-types-data (3.2019.0904)
    mini_portile2 (2.4.0)
    nokogiri (1.10.8)
      mini_portile2 (~> 2.4.0)
    openssl (2.2.0)
    pry (0.10.3)
      coderay (~> 1.1.0)
      method_source (~> 0.8.1)
      slop (~> 3.4)
    rack (1.6.12)
    rack-protection (1.5.5)
      rack
    rack-test (1.1.0)
      rack (>= 1.0, < 3)
    rake (12.3.3)
    require_all (1.3.2)
    rspec (3.3.0)
      rspec-core (~> 3.3.0)
      rspec-expectations (~> 3.3.0)
      rspec-mocks (~> 3.3.0)
    rspec-core (3.3.2)
      rspec-support (~> 3.3.0)
    rspec-expectations (3.3.1)
      diff-lcs (>= 1.2.0, < 2.0)
      rspec-support (~> 3.3.0)
    rspec-mocks (3.3.2)
      diff-lcs (>= 1.2.0, < 2.0)
      rspec-support (~> 3.3.0)
    rspec-support (3.3.0)
    rubygems-bundler (1.4.5)
      bundler-unload (>= 1.0.2)
      executable-hooks (>= 1.5.0)
    shotgun (0.9)
      rack (>= 1.0)
    sinatra (1.4.6)
      rack (~> 1.4)
      rack-protection (~> 1.4)
      tilt (>= 1.3, < 3)
    slop (3.6.0)
    stringio (0.1.3)
    strscan (1.0.3)
    thin (1.7.2)
      daemons (~> 1.0, >= 1.0.9)
      eventmachine (~> 1.0, >= 1.0.4)
      rack (>= 1, < 3)
    tilt (2.0.10)
    xpath (2.1.0)
      nokogiri (~> 1.3)
    zlib (1.1.0)

PLATFORMS
  ruby

DEPENDENCIES
  bundler-unload
  capybara (= 2.5.0)
  date
  did_you_mean
  etc
  executable-hooks
  fileutils
  forwardable
  ipaddr
  openssl
  pry (= 0.10.3)
  rack-test (>= 0.5.4)
  rake (= 12.3.3)
  require_all (= 1.3.2)
  rspec (= 3.3.0)
  rubygems-bundler
  shotgun (= 0.9)
  sinatra (= 1.4.6)
  stringio
  strscan
  thin (= 1.7.2)
  zlib

BUNDLED WITH
   2.1.4
